{
	"Modality": "MR",
	"MagneticFieldStrength": 3,
	"ImagingFrequency": 127.762,
	"Manufacturer": "Philips",
	"ManufacturersModelName": "Ingenia Elition X",
	"InstitutionName": "Hospital Universitario",
	"InstitutionalDepartmentName": "Resonador",
	"DeviceSerialNumber": "45555",
	"StationName": "IPS-UdeA",
	"BodyPartExamined": "HEAD",
	"PatientPosition": "HFS",
	"ProcedureStepDescription": "BIOMARCADORES SAN_001",
	"SoftwareVersions": "5.7.1\\5.7.1.3",
	"MRAcquisitionType": "2D",
	"SeriesDescription": "DTI_OPT_112_MB2",
	"ProtocolName": "DTI_OPT_112_MB2",
	"ScanningSequence": "SE",
	"SequenceVariant": "SK",
	"ScanOptions": "FS",
	"PulseSequenceName": "DwiSE",
	"ImageType": ["ORIGINAL", "PRIMARY", "M", "SE", "M", "SE"],
	"SeriesNumber": 601,
	"AcquisitionTime": "08:33:36.530000",
	"AcquisitionNumber": 6,
	"PhilipsRescaleSlope": 0.562149,
	"PhilipsRescaleIntercept": 0,
	"PhilipsScaleSlope": 0.103786,
	"UsePhilipsFloatNotDisplayScaling": 1,
	"SliceThickness": 2,
	"SpacingBetweenSlices": 2,
	"SAR": 0.191431,
	"EchoTime": 0.110027,
	"RepetitionTime": 4.45538,
	"MTState": false,
	"FlipAngle": 90,
	"CoilString": "MULTI COIL",
	"PercentPhaseFOV": 100,
	"PercentSampling": 100,
	"EchoTrainLength": 63,
	"PhaseEncodingSteps": 126,
	"AcquisitionMatrixPE": 126,
	"ReconMatrixPE": 128,
	"ParallelReductionFactorInPlane": 2,
	"ParallelAcquisitionTechnique": "MBSENSE",
	"ParallelReductionOutOfPlane": 3,
	"WaterFatShift": 19.4529,
	"EstimatedEffectiveEchoSpacing": 0.000347104,
	"EstimatedTotalReadoutTime": 0.0440822,
	"AcquisitionDuration": 513.797,
	"PixelBandwidth": 1906,
	"PhaseEncodingAxis": "j",
	"ImageOrientationPatientDICOM": [
		0.999514,
		-0.0208606,
		0.023159,
		0.016709,
		0.985838,
		0.166863	],
	"InPlanePhaseEncodingDirectionDICOM": "COL",
	"ConversionSoftware": "dcm2niix",
	"ConversionSoftwareVersion": "v1.0.20220720"
}
